GEM
  remote: https://rubygems.org/
  specs:
    activemodel (4.0.0)
      activesupport (= 4.0.0)
      builder (~> 3.1.0)
    activerecord (4.0.0)
      activemodel (= 4.0.0)
      activerecord-deprecated_finders (~> 1.0.2)
      activesupport (= 4.0.0)
      arel (~> 4.0.0)
    activerecord-deprecated_finders (1.0.3)
    activesupport (4.0.0)
      i18n (~> 0.6, >= 0.6.4)
      minitest (~> 4.2)
      multi_json (~> 1.3)
      thread_safe (~> 0.1)
      tzinfo (~> 0.3.37)
    alphadecimal (1.1.2)
    arel (4.0.0)
    atomic (1.1.10)
    builder (3.1.4)
    commonjs (0.2.6)
    daemons (1.1.9)
    eventmachine (1.0.3)
    haml (4.0.3)
      tilt
    i18n (0.6.4)
    jsmin (1.0.1)
    json (1.8.0)
    less (2.3.2)
      commonjs (~> 0.2.6)
    libv8 (3.11.8.17)
    minitest (4.7.5)
    multi_json (1.7.7)
    pg (0.16.0)
    rack (1.5.2)
    rack-protection (1.5.0)
      rack
    rack-test (0.6.2)
      rack (>= 1.0)
    ref (1.0.5)
    sinatra (1.4.3)
      rack (~> 1.4)
      rack-protection (~> 1.4)
      tilt (~> 1.3, >= 1.3.4)
    sinatra-activerecord (1.2.3)
      activerecord (>= 3.0)
      sinatra (~> 1.0)
    sinatra-assetpack (0.2.8)
      jsmin
      rack-test
      sinatra
      tilt (>= 1.3.0)
    therubyracer (0.11.4)
      libv8 (~> 3.11.8.12)
      ref
    thin (1.5.1)
      daemons (>= 1.0.9)
      eventmachine (>= 0.12.6)
      rack (>= 1.0.0)
    thread_safe (0.1.2)
      atomic
    tilt (1.4.1)
    tzinfo (0.3.37)

PLATFORMS
  ruby

DEPENDENCIES
  alphadecimal (= 1.1.2)
  haml (~> 4.0.3)
  json (~> 1.8.0)
  less (~> 2.3.2)
  pg (~> 0.16.0)
  sinatra (~> 1.4.3)
  sinatra-activerecord (~> 1.2.3)
  sinatra-assetpack (~> 0.2.8)
  therubyracer (~> 0.11.4)
  thin (~> 1.5.1)
