GEM
  remote: https://rubygems.org/
  specs:
    alphadecimal (1.1.2)
    daemons (1.1.9)
    eventmachine (1.0.3)
    haml (4.0.3)
      tilt
    pg (0.16.0)
    rack (1.5.2)
    rack-protection (1.5.0)
      rack
    sinatra (1.4.3)
      rack (~> 1.4)
      rack-protection (~> 1.4)
      tilt (~> 1.3, >= 1.3.4)
    thin (1.5.1)
      daemons (>= 1.0.9)
      eventmachine (>= 0.12.6)
      rack (>= 1.0.0)
    tilt (1.4.1)

PLATFORMS
  ruby

DEPENDENCIES
  alphadecimal (= 1.1.2)
  haml (~> 4.0.3)
  pg (~> 0.16.0)
  sinatra (~> 1.4.3)
  thin (~> 1.5.1)
