GEM
  remote: https://rubygems.org/
  specs:
    activemodel (4.0.0)
      activesupport (= 4.0.0)
      builder (~> 3.1.0)
    activerecord (4.0.0)
      activemodel (= 4.0.0)
      activerecord-deprecated_finders (~> 1.0.2)
      activesupport (= 4.0.0)
      arel (~> 4.0.0)
    activerecord-deprecated_finders (1.0.3)
    activesupport (4.0.0)
      i18n (~> 0.6, >= 0.6.4)
      minitest (~> 4.2)
      multi_json (~> 1.3)
      thread_safe (~> 0.1)
      tzinfo (~> 0.3.37)
    alphadecimal (1.1.2)
    arel (4.0.0)
    atomic (1.1.10)
    builder (3.1.4)
    capistrano (2.15.5)
      highline
      net-scp (>= 1.0.0)
      net-sftp (>= 2.0.0)
      net-ssh (>= 2.0.14)
      net-ssh-gateway (>= 1.1.0)
    capybara (2.1.0)
      mime-types (>= 1.16)
      nokogiri (>= 1.3.3)
      rack (>= 1.0.0)
      rack-test (>= 0.5.4)
      xpath (~> 2.0)
    commonjs (0.2.6)
    daemons (1.1.9)
    database_cleaner (1.1.1)
    diff-lcs (1.2.4)
    eventmachine (1.0.3)
    factory_girl (4.2.0)
      activesupport (>= 3.0.0)
    haml (4.0.3)
      tilt
    highline (1.6.19)
    i18n (0.6.4)
    jsmin (1.0.1)
    json (1.8.0)
    less (2.3.2)
      commonjs (~> 0.2.6)
    libv8 (3.11.8.17)
    mime-types (1.25)
    mini_portile (0.5.1)
    minitest (4.7.5)
    multi_json (1.7.7)
    net-scp (1.1.2)
      net-ssh (>= 2.6.5)
    net-sftp (2.1.2)
      net-ssh (>= 2.6.5)
    net-ssh (2.6.8)
    net-ssh-gateway (1.2.0)
      net-ssh (>= 2.6.5)
    nokogiri (1.6.0)
      mini_portile (~> 0.5.0)
    pg (0.16.0)
    rack (1.5.2)
    rack-protection (1.5.0)
      rack
    rack-test (0.6.2)
      rack (>= 1.0)
    ref (1.0.5)
    rspec (2.14.1)
      rspec-core (~> 2.14.0)
      rspec-expectations (~> 2.14.0)
      rspec-mocks (~> 2.14.0)
    rspec-core (2.14.5)
    rspec-expectations (2.14.2)
      diff-lcs (>= 1.1.3, < 2.0)
    rspec-mocks (2.14.3)
    rvm-capistrano (1.3.4)
      capistrano (>= 2.0.0)
    sinatra (1.4.3)
      rack (~> 1.4)
      rack-protection (~> 1.4)
      tilt (~> 1.3, >= 1.3.4)
    sinatra-activerecord (1.2.3)
      activerecord (>= 3.0)
      sinatra (~> 1.0)
    sinatra-assetpack (0.2.8)
      jsmin
      rack-test
      sinatra
      tilt (>= 1.3.0)
    therubyracer (0.11.4)
      libv8 (~> 3.11.8.12)
      ref
    thin (1.5.1)
      daemons (>= 1.0.9)
      eventmachine (>= 0.12.6)
      rack (>= 1.0.0)
    thread_safe (0.1.2)
      atomic
    tilt (1.4.1)
    tzinfo (0.3.37)
    xpath (2.0.0)
      nokogiri (~> 1.3)

PLATFORMS
  ruby

DEPENDENCIES
  alphadecimal (= 1.1.2)
  capistrano (~> 2.15.5)
  capybara (~> 2.1.0)
  database_cleaner (~> 1.1.1)
  factory_girl (~> 4.2.0)
  haml (~> 4.0.3)
  json (~> 1.8.0)
  less (~> 2.3.2)
  pg (~> 0.16.0)
  rspec (~> 2.14.1)
  rvm-capistrano (~> 1.3.4)
  sinatra (~> 1.4.3)
  sinatra-activerecord (~> 1.2.3)
  sinatra-assetpack (~> 0.2.8)
  therubyracer (~> 0.11.4)
  thin (~> 1.5.1)
